NUGET
  remote: https://www.nuget.org/api/v2
    Deedle (1.0.7)
    Deedle.RPlugin (1.0.7)
      Deedle (>= 1.0.7)
      R.NET.Community (>= 1.5.16)
      R.NET.Community.FSharp (>= 0.1.9)
      RProvider (>= 1.1.8)
    FAKE (4.42)
    Foogle.Charts (0.0.5)
    FSharp.Charting (0.90.10)
    FSharp.Core (4.0.0.1)
    FSharp.Data (2.2)
      Zlib.Portable (>= 1.10) - framework: portable-net40+sl50+wp80+win80
    FsLab (0.2.7)
      Deedle (1.0.7)
      Deedle.RPlugin (1.0.7)
      Foogle.Charts (0.0.5)
      FSharp.Charting (0.90.10)
      FSharp.Data (2.2)
      Google.DataTable.Net.Wrapper (3.1.2)
      MathNet.Numerics (3.6)
      MathNet.Numerics.FSharp (3.6)
      Newtonsoft.Json (6.0.8)
      R.NET.Community (1.5.16)
      R.NET.Community.FSharp (0.1.9)
      RProvider (1.1.8)
      XPlot.GoogleCharts (1.1.7)
      XPlot.GoogleCharts.Deedle (0.6.2)
      XPlot.Plotly (1.0.1)
    Google.DataTable.Net.Wrapper (3.1.2)
    Http.fs (1.5.1)
    MathNet.Numerics (3.6)
      TaskParallelLibrary (>= 1.0.2856) - framework: net35
    MathNet.Numerics.FSharp (3.6)
      FSharp.Core (>= 3.1.2.1)
      MathNet.Numerics (3.6)
    Newtonsoft.Json (6.0.8)
    R.NET.Community (1.5.16)
    R.NET.Community.FSharp (0.1.9)
      R.NET.Community (>= 1.5.16)
    RProvider (1.1.8)
      R.NET.Community (1.5.16)
      R.NET.Community.FSharp (0.1.9)
    TaskParallelLibrary (1.0.2856) - framework: net35
    XPlot.GoogleCharts (1.1.7)
      Google.DataTable.Net.Wrapper
      Newtonsoft.Json
    XPlot.GoogleCharts.Deedle (0.6.2)
      Deedle
      XPlot.GoogleCharts (>= 1.1.7)
    XPlot.Plotly (1.0.1)
      Http.fs
      Newtonsoft.Json
    Zlib.Portable (1.11) - framework: portable-net40+sl50+wp80+win80
