NUGET
  remote: https://www.nuget.org/api/v2
  specs:
    Deedle (1.2.4)
    Deedle.RPlugin (1.2.4)
      Deedle (>= 1.2.4)
      R.NET.Community (>= 1.6.4)
      R.NET.Community.FSharp (>= 1.6.4)
      RProvider (>= 1.1.13)
    DynamicInterop (0.7.4)
    Foogle.Charts (0.0.5)
    FSharp.Charting (0.90.14)
    FSharp.Core (4.0.0.1)
    FSharp.Data (2.3)
      Zlib.Portable (>= 1.11) - framework: portable-net45+sl5+win8, portable-net45+win8, portable-net45+win8+wp8+wpa81
    FsLab (0.3.20)
      Deedle (1.2.4)
      Deedle.RPlugin (1.2.4)
      DynamicInterop (0.7.4)
      Foogle.Charts (0.0.5)
      FSharp.Charting (0.90.14)
      FSharp.Data (2.3)
      Google.DataTable.Net.Wrapper (3.1.2)
      MathNet.Numerics (3.11.1)
      MathNet.Numerics.FSharp (3.11.1)
      Newtonsoft.Json (8.0.3)
      R.NET.Community (1.6.5)
      R.NET.Community.FSharp (1.6.5)
      RProvider (1.1.20)
      XPlot.GoogleCharts (1.3.1)
      XPlot.GoogleCharts.Deedle (1.3.1)
      XPlot.Plotly (1.3.1)
    Google.DataTable.Net.Wrapper (3.1.2)
    Http.fs (1.5.1)
    MathNet.Numerics (3.11.1)
      TaskParallelLibrary (>= 1.0.2856) - framework: net35
    MathNet.Numerics.FSharp (3.11.1)
      FSharp.Core (>= 3.1.2.5)
      MathNet.Numerics (3.11.1)
    Newtonsoft.Json (8.0.3)
    R.NET.Community (1.6.5)
      DynamicInterop (0.7.4)
    R.NET.Community.FSharp (1.6.5)
      R.NET.Community (>= 1.6.5)
    RProvider (1.1.20)
      DynamicInterop (0.7.4)
      R.NET.Community (1.6.5)
      R.NET.Community.FSharp (1.6.5)
    TaskParallelLibrary (1.0.2856) - framework: net35
    XPlot.GoogleCharts (1.3.1)
      Google.DataTable.Net.Wrapper
      Newtonsoft.Json
    XPlot.GoogleCharts.Deedle (1.3.1)
      Deedle
      XPlot.GoogleCharts (>= 1.3.1)
    XPlot.Plotly (1.3.1)
      Http.fs
      Newtonsoft.Json
    Zlib.Portable (1.11) - framework: portable-net45+sl5+win8, portable-net45+win8, portable-net45+win8+wp8+wpa81
